GEM
  remote: http://rubygems.org/
  specs:
    commonjs (0.2.7)
    excon (0.45.4)
    font-awesome-less (4.2.0)
      less (~> 2.4.0)
    json (1.8.3)
    less (2.4.0)
      commonjs (~> 0.2.7)
    mandrill-api (1.0.53)
      excon (>= 0.16.0, < 1.0)
      json (>= 1.7.7, < 2.0)
    pg (0.18.3)
    rack (1.6.4)
    rack-protection (1.5.3)
      rack
    sinatra (1.4.6)
      rack (~> 1.4)
      rack-protection (~> 1.4)
      tilt (>= 1.3, < 3)
    sqlite3 (1.3.10)
    tilt (2.0.1)

PLATFORMS
  ruby

DEPENDENCIES
  font-awesome-less
  mandrill-api
  pg
  sinatra
  sqlite3

BUNDLED WITH
   1.10.6
